PATH
  remote: .
  specs:
    bliss_money (1.0.0.1)
      i18n (~> 0.4)
      json

GEM
  remote: http://rubygems.org/
  specs:
    activemodel (3.0.5)
      activesupport (= 3.0.5)
      builder (~> 2.1.2)
      i18n (~> 0.4)
    activerecord (3.0.5)
      activemodel (= 3.0.5)
      activesupport (= 3.0.5)
      arel (~> 2.0.2)
      tzinfo (~> 0.3.23)
    activesupport (3.0.5)
    arel (2.0.10)
    builder (2.1.2)
    diff-lcs (1.1.3)
    ffi (1.0.11)
    guard (1.0.2)
      ffi (>= 0.5.0)
      thor (~> 0.14.6)
    guard-rspec (0.7.0)
      guard (>= 0.10.0)
    guard-spork (0.6.1)
      guard (>= 0.10.0)
      spork (>= 0.8.4)
    i18n (0.6.0)
    json (1.7.1)
    rake (0.9.2.2)
    redcarpet (2.1.1)
    rspec (2.9.0)
      rspec-core (~> 2.9.0)
      rspec-expectations (~> 2.9.0)
      rspec-mocks (~> 2.9.0)
    rspec-core (2.9.0)
    rspec-expectations (2.9.1)
      diff-lcs (~> 1.1.3)
    rspec-mocks (2.9.0)
    spork (0.9.1)
    thor (0.14.6)
    tzinfo (0.3.33)
    yard (0.7.5)

PLATFORMS
  ruby

DEPENDENCIES
  activerecord (= 3.0.5)
  bliss_money!
  guard (~> 1.0.1)
  guard-rspec (~> 0.7.0)
  guard-spork (~> 0.6.1)
  rake
  redcarpet (~> 2.1.1)
  rspec (~> 2.9.0)
  spork (~> 0.9.0)
  yard (~> 0.7.5)
